GEM
  specs:
    holidays (8.2.0)

PLATFORMS
  ruby

DEPENDENCIES
  holidays

BUNDLED WITH
   2.1.4
